PATH
  remote: .
  specs:
    mongoid-audit (1.3.1)
      activesupport
      glebtv_mongoid_userstamp
      kaminari-mongoid
      mongoid (>= 4.0.0, < 7.0)
      mongoid-history (~> 0.6.1)

GEM
  remote: https://rubygems.org/
  specs:
    activemodel (5.0.1)
      activesupport (= 5.0.1)
    activesupport (5.0.1)
      concurrent-ruby (~> 1.0, >= 1.0.2)
      i18n (~> 0.7)
      minitest (~> 5.1)
      tzinfo (~> 1.1)
    bson (4.2.1)
    concurrent-ruby (1.0.4)
    easy_diff (1.0.0)
    glebtv_mongoid_userstamp (0.7.1)
      mongoid (>= 4.0.0, < 7.0)
      request_store
    i18n (0.8.0)
    kaminari-core (1.0.1)
    kaminari-mongoid (1.0.1)
      kaminari-core (~> 1.0)
      mongoid
    minitest (5.10.1)
    mongo (2.4.1)
      bson (>= 4.2.1, < 5.0.0)
    mongoid (6.1.0)
      activemodel (~> 5.0)
      mongo (>= 2.4.1, < 3.0.0)
    mongoid-compatibility (0.4.1)
      activesupport
      mongoid (>= 2.0)
    mongoid-history (0.6.1)
      activesupport
      easy_diff
      mongoid (>= 3.0)
      mongoid-compatibility
    rake (12.0.0)
    request_store (1.3.2)
    thread_safe (0.3.5)
    tzinfo (1.2.2)
      thread_safe (~> 0.1)

PLATFORMS
  ruby

DEPENDENCIES
  bundler
  mongoid-audit!
  rake

BUNDLED WITH
   1.14.3
