PATH
  remote: .
  specs:
    mongoid-audit (1.6.0)
      activesupport
      glebtv_mongoid_userstamp
      kaminari-mongoid
      mongoid
      mongoid-history

GEM
  remote: https://rubygems.org/
  specs:
    activemodel (7.0.8.1)
      activesupport (= 7.0.8.1)
    activesupport (7.0.8.1)
      concurrent-ruby (~> 1.0, >= 1.0.2)
      i18n (>= 1.6, < 2)
      minitest (>= 5.1)
      tzinfo (~> 2.0)
    bson (5.0.0)
    concurrent-ruby (1.2.3)
    easy_diff (1.0.0)
    glebtv_mongoid_userstamp (0.9.2)
      mongoid (>= 6.0.0, < 8.0)
      request_store
    i18n (1.14.4)
      concurrent-ruby (~> 1.0)
    kaminari-core (1.2.2)
    kaminari-mongoid (1.0.2)
      kaminari-core (~> 1.0)
      mongoid
    minitest (5.22.3)
    mongo (2.20.0)
      bson (>= 4.14.1, < 6.0.0)
    mongoid (7.5.4)
      activemodel (>= 5.1, < 7.1, != 7.0.0)
      mongo (>= 2.10.5, < 3.0.0)
      ruby2_keywords (~> 0.0.5)
    mongoid-compatibility (0.6.0)
      activesupport
      mongoid (>= 2.0)
    mongoid-history (0.8.5)
      activesupport
      easy_diff
      mongoid (>= 3.0)
      mongoid-compatibility (>= 0.5.1)
    rack (3.0.10)
    rake (13.2.1)
    request_store (1.6.0)
      rack (>= 1.4)
    ruby2_keywords (0.0.5)
    tzinfo (2.0.6)
      concurrent-ruby (~> 1.0)

PLATFORMS
  ruby

DEPENDENCIES
  bundler
  mongoid-audit!
  rake

BUNDLED WITH
   2.5.9
