PATH
  remote: .
  specs:
    mongoid-audit (1.5.0)
      activesupport
      glebtv_mongoid_userstamp
      kaminari-mongoid
      mongoid (>= 6.0.0, < 8.0)
      mongoid-history (~> 0.8.0)

GEM
  remote: https://rubygems.org/
  specs:
    activemodel (5.2.3)
      activesupport (= 5.2.3)
    activesupport (5.2.3)
      concurrent-ruby (~> 1.0, >= 1.0.2)
      i18n (>= 0.7, < 2)
      minitest (~> 5.1)
      tzinfo (~> 1.1)
    bson (4.4.2)
    concurrent-ruby (1.1.5)
    easy_diff (1.0.0)
    glebtv_mongoid_userstamp (0.9.1)
      mongoid (>= 6.0.0, < 8.0)
      request_store
    i18n (1.6.0)
      concurrent-ruby (~> 1.0)
    kaminari-core (1.1.1)
    kaminari-mongoid (1.0.1)
      kaminari-core (~> 1.0)
      mongoid
    minitest (5.11.3)
    mongo (2.8.0)
      bson (>= 4.4.2, < 5.0.0)
    mongoid (7.0.2)
      activemodel (>= 5.1, < 6.0.0)
      mongo (>= 2.5.1, < 3.0.0)
    mongoid-compatibility (0.5.1)
      activesupport
      mongoid (>= 2.0)
    mongoid-history (0.8.1)
      activesupport
      easy_diff
      mongoid (>= 3.0)
      mongoid-compatibility (>= 0.5.1)
    rack (2.0.7)
    rake (12.3.2)
    request_store (1.4.1)
      rack (>= 1.4)
    thread_safe (0.3.6)
    tzinfo (1.2.5)
      thread_safe (~> 0.1)

PLATFORMS
  ruby

DEPENDENCIES
  bundler
  mongoid-audit!
  rake

BUNDLED WITH
   1.17.2
